PATH
  remote: .
  specs:
    goodheart (0.4.9)

GEM
  remote: https://rubygems.org/
  specs:
    byebug (10.0.2)
    diff-lcs (1.5.0)
    rake (13.0.6)
    rspec (3.11.0)
      rspec-core (~> 3.11.0)
      rspec-expectations (~> 3.11.0)
      rspec-mocks (~> 3.11.0)
    rspec-core (3.11.0)
      rspec-support (~> 3.11.0)
    rspec-expectations (3.11.0)
      diff-lcs (>= 1.2.0, < 2.0)
      rspec-support (~> 3.11.0)
    rspec-mocks (3.11.1)
      diff-lcs (>= 1.2.0, < 2.0)
      rspec-support (~> 3.11.0)
    rspec-support (3.11.0)

PLATFORMS
  x86_64-linux

DEPENDENCIES
  bundler (~> 2.2.29)
  byebug (~> 10.0)
  goodheart!
  rake (~> 13.0)
  rspec (~> 3.0)

BUNDLED WITH
   2.2.30
